GEM
  remote: http://rubygems.org/
  specs:
    mechanize
    nokogiri
    sinatra

PLATFORMS
  ruby

DEPENDENCIES
  sinatra
